GEM
  remote: https://rubygems.org/
  specs:
    diff-lcs (1.5.0)
    psych (4.0.6)
      stringio
    rdoc (6.4.0)
      psych (>= 4.0.0)
    rspec (3.11.0)
      rspec-core (~> 3.11.0)
      rspec-expectations (~> 3.11.0)
      rspec-mocks (~> 3.11.0)
    rspec-core (3.11.0)
      rspec-support (~> 3.11.0)
    rspec-expectations (3.11.1)
      diff-lcs (>= 1.2.0, < 2.0)
      rspec-support (~> 3.11.0)
    rspec-mocks (3.11.1)
      diff-lcs (>= 1.2.0, < 2.0)
      rspec-support (~> 3.11.0)
    rspec-support (3.11.1)
    stringio (3.0.2)

PLATFORMS
  ruby

DEPENDENCIES
  rdoc
  rspec

BUNDLED WITH
   2.1.2
